GEM
  remote: https://rubygems.org/
  specs:
    1and1 (1.3.0)
      excon (~> 0.44)
      json (~> 1.8)
    ast (2.4.0)
    diff-lcs (1.2.5)
    excon (0.62.0)
    facter (2.4.6)
    hiera (3.1.2)
      json_pure
    jaro_winkler (1.5.1)
    json (1.8.6)
    json_pure (2.1.0)
    metaclass (0.0.4)
    metadata-json-lint (0.0.11)
      json
      spdx-licenses (~> 1.0)
    mocha (1.1.0)
      metaclass (~> 0.0.1)
    parallel (1.12.1)
    parser (2.5.1.2)
      ast (~> 2.4.0)
    powerpack (0.1.2)
    puppet (4.5.0)
      facter (> 2.0, < 4)
      hiera (>= 2.0, < 4)
      json_pure
    puppet-lint (1.1.0)
    puppet-syntax (2.1.0)
      rake
    puppetlabs_spec_helper (1.1.1)
      mocha
      puppet-lint
      puppet-syntax
      rake
      rspec-puppet
    rainbow (3.0.0)
    rake (11.1.2)
    rspec (3.4.0)
      rspec-core (~> 3.4.0)
      rspec-expectations (~> 3.4.0)
      rspec-mocks (~> 3.4.0)
    rspec-core (3.4.1)
      rspec-support (~> 3.4.0)
    rspec-expectations (3.4.0)
      diff-lcs (>= 1.2.0, < 2.0)
      rspec-support (~> 3.4.0)
    rspec-mocks (3.4.0)
      diff-lcs (>= 1.2.0, < 2.0)
      rspec-support (~> 3.4.0)
    rspec-puppet (2.4.0)
      rspec
    rspec-support (3.4.1)
    rubocop (0.59.1)
      jaro_winkler (~> 1.5.1)
      parallel (~> 1.10)
      parser (>= 2.5, != 2.5.1.1)
      powerpack (~> 0.1)
      rainbow (>= 2.2.2, < 4.0)
      ruby-progressbar (~> 1.7)
      unicode-display_width (~> 1.0, >= 1.0.1)
    ruby-progressbar (1.10.0)
    spdx-licenses (1.1.0)
    unicode-display_width (1.4.0)

PLATFORMS
  ruby

DEPENDENCIES
  1and1 (>= 1.3)
  facter (>= 1.7.0)
  metadata-json-lint
  puppet (>= 4.0)
  puppet-lint (>= 1.0.0)
  puppetlabs_spec_helper (>= 1.0.0)
  rspec-puppet
  rubocop (>= 0.59.1)

BUNDLED WITH
   1.16.4
